GEM
  remote: https://rubygems.org/
  specs:
    mustermann (1.0.1)
    pg (0.21.0)
    power_assert (1.1.1)
    rack (2.0.3)
    rack-protection (2.0.0)
      rack
    sinatra (2.0.0)
      mustermann (~> 1.0)
      rack (~> 2.0)
      rack-protection (= 2.0.0)
      tilt (~> 2.0)
    test-unit (3.2.6)
      power_assert
    tilt (2.0.8)

PLATFORMS
  ruby

DEPENDENCIES
  pg
  sinatra
  test-unit

BUNDLED WITH
   1.16.0
